GEM
  remote: https://rubygems.org/
  specs:
    mini_magick (4.7.0)
    word_wrap (1.0.0)

PLATFORMS
  ruby

DEPENDENCIES
  mini_magick
  word_wrap

BUNDLED WITH
   1.12.5
